GEM
  remote: https://rubygems.org/
  specs:
    addressable (2.5.2)
      public_suffix (>= 2.0.2, < 4.0)
    ast (2.4.0)
    byebug (10.0.2)
    capybara (3.5.1)
      addressable
      mini_mime (>= 0.1.3)
      nokogiri (~> 1.8)
      rack (>= 1.6.0)
      rack-test (>= 0.6.3)
      xpath (~> 3.1)
    coderay (1.1.1)
    concurrent-ruby (1.0.2)
    declarative (0.0.10)
    declarative-option (0.1.0)
    dotenv (2.5.0)
    dry-configurable (0.3.0)
      concurrent-ruby (~> 1.0)
    dry-container (0.5.0)
      concurrent-ruby (~> 1.0)
      dry-configurable (~> 0.1, >= 0.1.3)
    dry-core (0.2.0)
      concurrent-ruby (~> 1.0)
    dry-equalizer (0.2.0)
    dry-logic (0.4.0)
      dry-container (~> 0.2, >= 0.2.6)
      dry-core (~> 0.1)
      dry-equalizer (~> 0.2)
    dry-types (0.9.1)
      concurrent-ruby (~> 1.0)
      dry-configurable (~> 0.1)
      dry-container (~> 0.3)
      dry-core (~> 0.2)
      dry-equalizer (~> 0.2)
      dry-logic (~> 0.4, >= 0.4.0)
      inflecto (~> 0.0.0, >= 0.0.2)
    dry-validation (0.10.3)
      concurrent-ruby (~> 1.0)
      dry-configurable (~> 0.1, >= 0.1.3)
      dry-container (~> 0.2, >= 0.2.8)
      dry-core (~> 0.1)
      dry-equalizer (~> 0.2)
      dry-logic (~> 0.4, >= 0.4.0)
      dry-types (~> 0.9, >= 0.9.0)
    hanami (0.8.0)
      bundler (~> 1.6)
      hanami-assets (~> 0.3)
      hanami-controller (~> 0.7)
      hanami-helpers (~> 0.4)
      hanami-mailer (~> 0.3)
      hanami-router (~> 0.7)
      hanami-utils (~> 0.8)
      hanami-validations (~> 0.6)
      hanami-view (~> 0.7)
      thor (~> 0.19)
    hanami-assets (0.3.0)
      hanami-helpers (~> 0.4)
      hanami-utils (~> 0.8)
      tilt (~> 2.0, >= 2.0.2)
    hanami-controller (0.7.1)
      hanami-utils (~> 0.8)
      rack (~> 1.6, >= 1.6.2)
    hanami-helpers (0.4.0)
      hanami-utils (~> 0.8)
    hanami-mailer (0.3.0)
      hanami-utils (~> 0.8)
      mail (~> 2.5)
      tilt (~> 2.0, >= 2.0.1)
    hanami-model (0.6.1)
      hanami-utils (~> 0.7)
      sequel (~> 4.9)
    hanami-router (0.7.0)
      hanami-utils (~> 0.8)
      http_router (~> 0.11)
      rack (~> 1.6)
    hanami-utils (0.8.0)
    hanami-validations (0.6.0)
      dry-validation (~> 0.9)
      hanami-utils (~> 0.8)
    hanami-view (0.7.0)
      hanami-utils (~> 0.8)
      tilt (~> 2.0, >= 2.0.1)
    http_router (0.11.2)
      rack (>= 1.0.0)
      url_mount (~> 0.2.1)
    inflecto (0.0.2)
    jaro_winkler (1.5.1)
    mail (2.7.0)
      mini_mime (>= 0.1.1)
    method_source (0.8.2)
    mini_mime (1.0.0)
    mini_portile2 (2.3.0)
    minitest (5.11.3)
    multi_json (1.13.1)
    nokogiri (1.8.4)
      mini_portile2 (~> 2.3.0)
    parallel (1.12.1)
    parser (2.5.1.2)
      ast (~> 2.4.0)
    pg (1.0.0)
    powerpack (0.1.1)
    pry (0.10.4)
      coderay (~> 1.1.0)
      method_source (~> 0.8.1)
      slop (~> 3.4)
    pry-byebug (3.6.0)
      byebug (~> 10.0)
      pry (~> 0.10)
    public_suffix (3.0.2)
    rack (1.6.10)
    rack-test (1.1.0)
      rack (>= 1.0, < 3)
    rainbow (3.0.0)
    rake (12.3.1)
    representable (3.0.4)
      declarative (< 0.1.0)
      declarative-option (< 0.2.0)
      uber (< 0.2.0)
    roar (1.1.0)
      representable (~> 3.0.0)
    rubocop (0.58.2)
      jaro_winkler (~> 1.5.1)
      parallel (~> 1.10)
      parser (>= 2.5, != 2.5.1.1)
      powerpack (~> 0.1)
      rainbow (>= 2.2.2, < 4.0)
      ruby-progressbar (~> 1.7)
      unicode-display_width (~> 1.0, >= 1.0.1)
    ruby-progressbar (1.8.1)
    sequel (4.49.0)
    shotgun (0.9.2)
      rack (>= 1.0)
    slop (3.6.0)
    thor (0.19.1)
    tilt (2.0.5)
    uber (0.0.15)
    unicode-display_width (1.1.1)
    url_mount (0.2.1)
      rack
    xpath (3.1.0)
      nokogiri (~> 1.8)

PLATFORMS
  ruby

DEPENDENCIES
  bundler (>= 1.16.2)
  capybara (>= 3.5.1)
  dotenv (>= 2.5.0)
  hanami (~> 0.8)
  hanami-model (~> 0.6)
  minitest (>= 5.11.0)
  multi_json
  pg (>= 1.0.0)
  pry-byebug (>= 3.6.0)
  rake (>= 12.3.1)
  roar (>= 1.1.0)
  rubocop
  shotgun
  thor

BUNDLED WITH
   1.16.2
